NDims = 3 
DimSize = 256 256 256 
ElementType = MET_UCHAR 
ElementSpacing = 1.0 1.0 1.0 
ElementByteOrderMSB = False 
ElementDataFile = aneurism_256x256x256_uint8.raw